GIT
  remote: git://github.com/callumj/ZipRuby.git
  revision: dc0f0d3f972742385e0db7cf3e4ca69e1c0760bc
  specs:
    zipruby (0.3.7)

GEM
  remote: https://rubygems.org/
  specs:
    coderay (1.1.0)
    method_source (0.8.2)
    mini_portile (0.6.2)
    nokogiri (1.6.6.2)
      mini_portile (~> 0.6.0)
    pry (0.10.1)
      coderay (~> 1.1.0)
      method_source (~> 0.8.1)
      slop (~> 3.4)
    slop (3.6.0)

PLATFORMS
  ruby

DEPENDENCIES
  nokogiri
  pry
  zipruby!

BUNDLED WITH
   1.10.5
